PATH
  remote: .
  specs:
    switch_board (0.1.4)

GEM
  remote: https://rubygems.org/
  specs:
    builder (3.2.2)
    diff-lcs (1.2.4)
    json (1.8.0)
    rdoc (4.0.1)
      json (~> 1.4)
    redis (3.0.4)
    redis-objects (0.7.0)
      redis (>= 3.0.2)
    rsolr (1.0.9)
      builder (>= 2.1.2)
    rspec (2.14.1)
      rspec-core (~> 2.14.0)
      rspec-expectations (~> 2.14.0)
      rspec-mocks (~> 2.14.0)
    rspec-core (2.14.5)
    rspec-expectations (2.14.3)
      diff-lcs (>= 1.1.3, < 2.0)
    rspec-mocks (2.14.3)
    rubygems-tasks (0.2.4)

PLATFORMS
  ruby

DEPENDENCIES
  rdoc
  redis
  redis-objects
  rsolr
  rspec
  rubygems-tasks
  switch_board!
