PATH
  remote: .
  specs:
    switch_board (0.1.6)

GEM
  remote: https://rubygems.org/
  specs:
    builder (3.2.4)
    diff-lcs (1.4.4)
    faraday (1.0.1)
      multipart-post (>= 1.2, < 3)
    irb (1.1.1)
    multipart-post (2.1.1)
    rdoc (6.2.0)
    redis (4.4.0)
    redis-objects (1.5.1)
      redis (~> 4.2)
    rsolr (2.3.0)
      builder (>= 2.1.2)
      faraday (>= 0.9.0)
    rspec (3.10.0)
      rspec-core (~> 3.10.0)
      rspec-expectations (~> 3.10.0)
      rspec-mocks (~> 3.10.0)
    rspec-core (3.10.1)
      rspec-support (~> 3.10.0)
    rspec-expectations (3.10.1)
      diff-lcs (>= 1.2.0, < 2.0)
      rspec-support (~> 3.10.0)
    rspec-mocks (3.10.2)
      diff-lcs (>= 1.2.0, < 2.0)
      rspec-support (~> 3.10.0)
    rspec-support (3.10.2)
    rubygems-tasks (0.2.5)
      irb (~> 1.0)

PLATFORMS
  ruby

DEPENDENCIES
  rdoc
  redis
  redis-objects
  rsolr
  rspec
  rubygems-tasks
  switch_board!

BUNDLED WITH
   1.17.3
